PATH
  remote: .
  specs:
    xlsx (0.1.0)
      nokogiri
      open_xml_package (= 0.1.0.beta1)

GEM
  remote: https://rubygems.org/
  specs:
    coderay (1.0.9)
    diff-lcs (1.2.5)
    method_source (0.8.1)
    mini_portile (0.6.2)
    multi_json (1.7.2)
    nokogiri (1.6.6.2)
      mini_portile (~> 0.6.0)
    open_xml_package (0.1.0.beta1)
      nokogiri
      rubyzip (~> 1.1.0)
    pry (0.9.12)
      coderay (~> 1.0.5)
      method_source (~> 0.8)
      slop (~> 3.4)
    rake (10.0.4)
    rr (1.1.2)
    rspec (2.14.1)
      rspec-core (~> 2.14.0)
      rspec-expectations (~> 2.14.0)
      rspec-mocks (~> 2.14.0)
    rspec-core (2.14.7)
    rspec-expectations (2.14.4)
      diff-lcs (>= 1.1.3, < 2.0)
    rspec-mocks (2.14.4)
    rubyzip (1.1.6)
    simplecov (0.7.1)
      multi_json (~> 1.0)
      simplecov-html (~> 0.7.1)
    simplecov-html (0.7.1)
    slop (3.4.4)
    timecop (0.6.3)

PLATFORMS
  ruby

DEPENDENCIES
  pry
  rake
  rr
  rspec
  simplecov
  timecop
  xlsx!
